GEM
  remote: https://rubygems.org/
  specs:
    dotenv (2.0.1)
    fastenv (0.0.3)
    foreman (0.78.0)
      thor (~> 0.19.1)
    rack (1.6.1)
    rack-cors (0.4.0)
    rack-protection (1.5.3)
      rack
    rake (10.4.2)
    sinatra (1.4.6)
      rack (~> 1.4)
      rack-protection (~> 1.4)
      tilt (>= 1.3, < 3)
    thor (0.19.1)
    tilt (2.0.1)

PLATFORMS
  ruby

DEPENDENCIES
  dotenv (~> 2.0.1)
  fastenv (~> 0.0.3)
  foreman (~> 0.78.0)
  rack-cors (~> 0.4.0)
  rake (~> 10.4.2)
  sinatra (~> 1.4.6)

BUNDLED WITH
   1.11.2
